GIT
  remote: https://github.com/GUI/minitest-hooks.git
  revision: 12102e46c304e5f6c43db2aab870e25a59e362ba
  branch: reporter-result
  specs:
    minitest-hooks (1.4.2)

GEM
  remote: https://rubygems.org/
  specs:
    activemodel (5.1.6)
      activesupport (= 5.1.6)
    activesupport (5.1.6)
      concurrent-ruby (~> 1.0, >= 1.0.2)
      i18n (>= 0.7, < 2)
      minitest (~> 5.1)
      tzinfo (~> 1.1)
    addressable (2.5.2)
      public_suffix (>= 2.0.2, < 4.0)
    ansi (1.5.0)
    ast (2.4.0)
    awesome_print (1.8.0)
    axiom-types (0.1.1)
      descendants_tracker (~> 0.0.4)
      ice_nine (~> 0.11.0)
      thread_safe (~> 0.3, >= 0.3.1)
    bcrypt (3.1.11)
    bson (4.3.0)
    builder (3.2.3)
    capybara (3.1.0)
      addressable
      mini_mime (>= 0.1.3)
      nokogiri (~> 1.8)
      rack (>= 1.6.0)
      rack-test (>= 0.6.3)
      xpath (~> 3.0)
    capybara-screenshot (1.0.21)
      capybara (>= 1.0, < 4)
      launchy
    childprocess (0.9.0)
      ffi (~> 1.0, >= 1.0.11)
    cliver (0.3.2)
    coercible (1.0.0)
      descendants_tracker (~> 0.0.1)
    concurrent-ruby (1.0.5)
    database_cleaner (1.7.0)
    descendants_tracker (0.0.4)
      thread_safe (~> 0.3, >= 0.3.1)
    elasticsearch (2.0.2)
      elasticsearch-api (= 2.0.2)
      elasticsearch-transport (= 2.0.2)
    elasticsearch-api (2.0.2)
      multi_json
    elasticsearch-model (5.0.0)
      activesupport (> 3)
      elasticsearch (> 1)
      hashie
    elasticsearch-persistence (0.1.9)
      activemodel (> 3)
      activesupport (> 3)
      elasticsearch (> 0.4)
      elasticsearch-model (>= 0.1)
      hashie
      virtus
    elasticsearch-transport (2.0.2)
      faraday
      multi_json
    equalizer (0.0.11)
    ethon (0.11.0)
      ffi (>= 1.3.0)
    factory_bot (4.8.2)
      activesupport (>= 3.0.0)
    faker (1.8.7)
      i18n (>= 0.7)
    faraday (0.15.1)
      multipart-post (>= 1.2, < 3)
    ffi (1.9.23)
    hashie (3.5.7)
    i18n (1.0.1)
      concurrent-ruby (~> 1.0)
    ice_nine (0.11.2)
    launchy (2.4.3)
      addressable (~> 2.3)
    lazyhash (0.1.1)
    mini_mime (1.0.0)
    mini_portile2 (2.3.0)
    minitest (5.11.3)
    minitest-ci (3.4.0)
      minitest (>= 5.0.6)
    minitest-reporters (1.2.0)
      ansi
      builder
      minitest (>= 5.0)
      ruby-progressbar
    minitest-sprint (1.2.0)
      path_expander (~> 1.0)
    mongo (2.5.3)
      bson (>= 4.3.0, < 5.0.0)
    mongoid (6.3.0)
      activemodel (~> 5.1)
      mongo (>= 2.5.0, < 3.0.0)
    multi_json (1.13.1)
    multipart-post (2.0.0)
    nokogiri (1.8.2)
      mini_portile2 (~> 2.3.0)
    oj (3.6.0)
    parallel (1.12.1)
    parser (2.5.1.0)
      ast (~> 2.4.0)
    path_expander (1.0.3)
    poltergeist (1.18.0)
      capybara (>= 2.1, < 4)
      cliver (~> 0.3.1)
      websocket-driver (>= 0.2.0)
    powerpack (0.1.1)
    public_suffix (3.0.2)
    rack (2.0.5)
    rack-test (1.0.0)
      rack (>= 1.0, < 3)
    rails_compatible_cookies_utils (0.1.2)
    rainbow (3.0.0)
    rake (12.3.1)
    rubocop (0.55.0)
      parallel (~> 1.10)
      parser (>= 2.5)
      powerpack (~> 0.1)
      rainbow (>= 2.2.2, < 4.0)
      ruby-progressbar (~> 1.7)
      unicode-display_width (~> 1.0, >= 1.0.1)
    ruby-progressbar (1.9.0)
    thread_safe (0.3.6)
    typhoeus (1.3.0)
      ethon (>= 0.9.0)
    tzinfo (1.2.5)
      thread_safe (~> 0.1)
    unicode-display_width (1.3.2)
    virtus (1.0.5)
      axiom-types (~> 0.1)
      coercible (~> 1.0)
      descendants_tracker (~> 0.0, >= 0.0.3)
      equalizer (~> 0.0, >= 0.0.9)
    websocket-driver (0.7.0)
      websocket-extensions (>= 0.1.0)
    websocket-extensions (0.1.3)
    xpath (3.0.0)
      nokogiri (~> 1.8)
    zonebie (0.6.1)

PLATFORMS
  ruby

DEPENDENCIES
  activesupport (~> 5.1.6)
  addressable (~> 2.5.2)
  awesome_print (~> 1.8.0)
  bcrypt (~> 3.1.11)
  capybara (~> 3.1.0)
  capybara-screenshot (~> 1.0.14)
  childprocess (~> 0.9.0)
  concurrent-ruby (~> 1.0.5)
  database_cleaner (~> 1.7.0)
  elasticsearch (~> 2.0.2)
  elasticsearch-persistence (~> 0.1.9)
  factory_bot (~> 4.8.2)
  faker (~> 1.8.7)
  lazyhash (~> 0.1.1)
  minitest (~> 5.11.3)
  minitest-ci (~> 3.4.0)
  minitest-hooks (~> 1.4.2)!
  minitest-reporters (~> 1.2.0)
  minitest-sprint (~> 1.2.0)
  mongoid (~> 6.3.0)
  multi_json (~> 1.13.1)
  nokogiri (~> 1.8.1)
  oj (~> 3.6.0)
  poltergeist (~> 1.18.0)
  rails_compatible_cookies_utils (~> 0.1.0)
  rainbow (~> 3.0.0)
  rake (~> 12.3.1)
  rubocop (~> 0.55.0)
  typhoeus (~> 1.3.0)
  zonebie (~> 0.6.1)

BUNDLED WITH
   1.16.1
